GEM
  specs:

PLATFORMS
  aarch64-linux
  arm64-darwin-23
  x86_64-linux

DEPENDENCIES

BUNDLED WITH
   2.5.17
